PATH
  remote: .
  specs:
    pivotal-ls (0.0.0)
      nokogiri

GEM
  remote: https://rubygems.org/
  specs:
    nokogiri (1.5.2)
    rake (0.9.2.2)

PLATFORMS
  ruby

DEPENDENCIES
  pivotal-ls!
  rake
